GEM
  remote: http://rubygems.org/
  specs:
    packetfu (1.1.6)
    pcaprub (0.11.2)

PLATFORMS
  ruby

DEPENDENCIES
  packetfu
  pcaprub
